GEM
  remote: https://rubygems.org/
  specs:
    puma (3.6.0)
    rack (1.6.5)
    rack-protection (1.5.3)
      rack
    rake (11.3.0)
    sinatra (1.4.7)
      rack (~> 1.5)
      rack-protection (~> 1.4)
      tilt (>= 1.3, < 3)
    tilt (2.0.5)

PLATFORMS
  ruby

DEPENDENCIES
  puma
  rake
  sinatra

RUBY VERSION
   ruby 2.3.1p112

BUNDLED WITH
   1.12.5
